PATH
  remote: .
  specs:
    minuteman (0.2.0)
      redis (~> 3.0.2)

GEM
  remote: http://rubygems.org/
  specs:
    minitest (4.2.0)
    rake (0.9.2.2)
    redis (3.0.2)

PLATFORMS
  ruby

DEPENDENCIES
  minitest (~> 4.2.0)
  minuteman!
  rake
