PATH
  remote: .
  specs:
    minuteman (0.0.1)
      redis (~> 3.0.2)

GEM
  remote: http://rubygems.org/
  specs:
    columnize (0.3.6)
    debugger (1.2.0)
      columnize (>= 0.3.1)
      debugger-linecache (~> 1.1.1)
      debugger-ruby_core_source (~> 1.1.3)
    debugger-linecache (1.1.2)
      debugger-ruby_core_source (>= 1.1.1)
    debugger-ruby_core_source (1.1.3)
    minitest (4.1.0)
    rake (0.9.2.2)
    redis (3.0.2)

PLATFORMS
  ruby

DEPENDENCIES
  debugger
  minitest (~> 4.1.0)
  minuteman!
  rake
