PATH
  remote: .
  specs:
    bitanalytics (0.0.1.pre)
      redis (~> 3.0.2)

GEM
  remote: http://rubygems.org/
  specs:
    minitest (4.1.0)
    rake (0.9.2.2)
    redis (3.0.2)

PLATFORMS
  ruby

DEPENDENCIES
  bitanalytics!
  minitest (~> 4.1.0)
  rake
